GIT
  remote: git://github.com/ryanb/nested_form.git
  revision: 54da3123d9f1b14b37df608794508adccd6ac5ba
  specs:
    nested_form (0.1.1)

GEM
  remote: http://rubygems.org/
  specs:
    actionmailer (3.2.2)
      actionpack (= 3.2.2)
      mail (~> 2.4.0)
    actionpack (3.2.2)
      activemodel (= 3.2.2)
      activesupport (= 3.2.2)
      builder (~> 3.0.0)
      erubis (~> 2.7.0)
      journey (~> 1.0.1)
      rack (~> 1.4.0)
      rack-cache (~> 1.1)
      rack-test (~> 0.6.1)
      sprockets (~> 2.1.2)
    activemodel (3.2.2)
      activesupport (= 3.2.2)
      builder (~> 3.0.0)
    activerecord (3.2.2)
      activemodel (= 3.2.2)
      activesupport (= 3.2.2)
      arel (~> 3.0.2)
      tzinfo (~> 0.3.29)
    activeresource (3.2.2)
      activemodel (= 3.2.2)
      activesupport (= 3.2.2)
    activesupport (3.2.2)
      i18n (~> 0.6)
      multi_json (~> 1.0)
    annotate (2.4.0)
    arel (3.0.2)
    bcrypt-ruby (3.0.1-x86-mingw32)
    builder (3.0.0)
    cancan (1.6.7)
    carrierwave (0.5.8)
      activesupport (~> 3.0)
    coffee-rails (3.2.2)
      coffee-script (>= 2.2.0)
      railties (~> 3.2.0)
    coffee-script (2.2.0)
      coffee-script-source
      execjs
    coffee-script-source (1.2.0)
    devise (1.4.9)
      bcrypt-ruby (~> 3.0)
      orm_adapter (~> 0.0.3)
      warden (~> 1.0.3)
    easy_roles (1.2.0)
    erubis (2.7.0)
    execjs (1.3.0)
      multi_json (~> 1.0)
    faker (0.3.1)
    hcatlin-mini_magick (1.3.1)
      subexec (~> 0.0.2)
    hike (1.2.1)
    i18n (0.6.0)
    journey (1.0.3)
    jquery-rails (1.0.19)
      railties (~> 3.0)
      thor (~> 0.14)
    json (1.6.5)
    kaminari (0.13.0)
      actionpack (>= 3.0.0)
      activesupport (>= 3.0.0)
      railties (>= 3.0.0)
    mail (2.4.1)
      i18n (>= 0.4.0)
      mime-types (~> 1.16)
      treetop (~> 1.4.8)
    metaclass (0.0.1)
    mime-types (1.17.2)
    mocha (0.10.3)
      metaclass (~> 0.0.1)
    multi_json (1.1.0)
    nifty-generators (0.4.6)
    orm_adapter (0.0.6)
    pg (0.11.0-x86-mingw32)
    polyamorous (0.5.0)
      activerecord (~> 3.0)
    polyglot (0.3.3)
    rack (1.4.1)
    rack-cache (1.1)
      rack (>= 0.4)
    rack-ssl (1.3.2)
      rack
    rack-test (0.6.1)
      rack (>= 1.0)
    rails (3.2.2)
      actionmailer (= 3.2.2)
      actionpack (= 3.2.2)
      activerecord (= 3.2.2)
      activeresource (= 3.2.2)
      activesupport (= 3.2.2)
      bundler (~> 1.0)
      railties (= 3.2.2)
    rails3-jquery-autocomplete (0.9.1)
      rails (~> 3.0)
    railties (3.2.2)
      actionpack (= 3.2.2)
      activesupport (= 3.2.2)
      rack-ssl (~> 1.3.2)
      rake (>= 0.8.7)
      rdoc (~> 3.4)
      thor (~> 0.14.6)
    rake (0.9.2.2)
    ransack (0.6.0)
      actionpack (~> 3.0)
      activerecord (~> 3.0)
      polyamorous (~> 0.5.0)
    rdoc (3.12)
      json (~> 1.4)
    rest-client (1.6.7)
      mime-types (>= 1.16)
    sass (3.1.12)
    sass-rails (3.2.4)
      railties (~> 3.2.0)
      sass (>= 3.1.10)
      tilt (~> 1.3)
    sequel (3.20.0)
    sinatra (1.0)
      rack (>= 1.0)
    sprockets (2.1.2)
      hike (~> 1.2)
      rack (~> 1.0)
      tilt (~> 1.1, != 1.3.0)
    sqlite3 (1.3.5-x86-mingw32)
    sqlite3-ruby (1.3.3)
      sqlite3 (>= 1.3.3)
    subexec (0.0.4)
    taps (0.3.23)
      rack (>= 1.0.1)
      rest-client (>= 1.4.0, < 1.7.0)
      sequel (~> 3.20.0)
      sinatra (~> 1.0.0)
      sqlite3-ruby (~> 1.2)
    thor (0.14.6)
    tilt (1.3.3)
    treetop (1.4.10)
      polyglot
      polyglot (>= 0.3.1)
    tzinfo (0.3.31)
    uglifier (1.2.3)
      execjs (>= 0.3.0)
      multi_json (>= 1.0.2)
    warden (1.0.6)
      rack (>= 1.0)

PLATFORMS
  x86-mingw32

DEPENDENCIES
  annotate (~> 2.4.0)
  cancan (~> 1.6.5)
  carrierwave (~> 0.5.7)
  coffee-rails (~> 3.2.1)
  devise (~> 1.4.4)
  easy_roles (~> 1.2.0)
  faker (~> 0.3.1)
  hcatlin-mini_magick (~> 1.3.1)
  jquery-rails (~> 1.0.12)
  kaminari (~> 0.13.0)
  mocha
  nested_form!
  nifty-generators (~> 0.4.6)
  pg (~> 0.11.0)
  rails (= 3.2.2)
  rails3-jquery-autocomplete (~> 0.9.1)
  rake (~> 0.9.2)
  ransack (~> 0.6.0)
  sass-rails (~> 3.2.3)
  taps (~> 0.3.23)
  uglifier (>= 1.0.3)
